GEM
  remote: http://rubygems.org/
  specs:
    aws-sdk (1.1.1)
      httparty (~> 0.7)
      json (~> 1.4)
      nokogiri (>= 1.4.4)
      uuidtools (~> 2.1)
    backports (2.3.0)
    crack (0.1.8)
    httparty (0.7.8)
      crack (= 0.1.8)
    json (1.5.3)
    monkey-lib (0.5.4)
      backports
    nokogiri (1.5.0)
    rack (1.3.2)
    sinatra (1.2.6)
      rack (~> 1.1)
      tilt (>= 1.2.2, < 2.0)
    sinatra-advanced-routes (0.5.1)
      monkey-lib (~> 0.5.0)
      sinatra (~> 1.0)
      sinatra-sugar (~> 0.5.0)
    sinatra-config-file (0.6.1)
      sinatra (~> 1.0)
    sinatra-reloader (0.5.0)
      sinatra (~> 1.0)
      sinatra-advanced-routes (~> 0.5.0)
    sinatra-sugar (0.5.1)
      monkey-lib (~> 0.5.0)
      sinatra (~> 1.0)
    tilt (1.3.2)
    uuidtools (2.1.2)

PLATFORMS
  ruby

DEPENDENCIES
  aws-sdk
  sinatra
  sinatra-config-file
  sinatra-reloader
